GEM
  remote: https://rubygems.org/
  specs:
    ethon (0.12.0)
      ffi (>= 1.3.0)
    ffi (1.10.0)
    mustermann (1.0.3)
    puma (3.12.1)
    rack (2.0.7)
    rack-protection (2.0.5)
      rack
    sinatra (2.0.5)
      mustermann (~> 1.0)
      rack (~> 2.0)
      rack-protection (= 2.0.5)
      tilt (~> 2.0)
    slim (4.0.1)
      temple (>= 0.7.6, < 0.9)
      tilt (>= 2.0.6, < 2.1)
    temple (0.8.1)
    tilt (2.0.9)
    typhoeus (1.3.1)
      ethon (>= 0.9.0)

PLATFORMS
  ruby

DEPENDENCIES
  puma
  sinatra
  slim
  typhoeus

BUNDLED WITH
   1.17.2
